GIT
  remote: https://github.com/jbox-web/active_use_case.git
  revision: d5f22e2874aa7321e678a3753926b8bec33b7f99
  specs:
    active_use_case (1.0.0)
      rails (~> 4.0, >= 4.0.0)

GIT
  remote: https://github.com/jbox-web/async_model.git
  revision: bd71b80f6b2f634357578b25f9ee5b8eb0c14d01
  specs:
    async_model (1.0.0)
      rails (~> 4.0, >= 4.0.0)

GIT
  remote: https://github.com/jbox-web/async_notifications.git
  revision: c501494d733394259c54049ecff786a26480e989
  specs:
    async_notifications (0.1.0)

GIT
  remote: https://github.com/libgit2/rugged.git
  revision: e5de8acfbaf159c043444804260f9ade753267a4
  tag: v0.22.2
  submodules: true
  specs:
    rugged (0.22.2)

GIT
  remote: https://github.com/n-rodriguez/bootstrap-growl-rails.git
  revision: efd0903f708c8af15a38df1e0ba0574b28e086e7
  branch: notify_3
  specs:
    bootstrap-growl-rails (3.0.0)

GIT
  remote: https://github.com/n-rodriguez/danthes.git
  revision: 4eda8c6f505ad176a0b158c17b490d856bc28414
  branch: feat_add_options
  specs:
    danthes (2.0.1)
      faye (>= 1.0.1)
      yajl-ruby (~> 1.2.0)

GIT
  remote: https://github.com/n-rodriguez/simple_navigation_renderers.git
  revision: f2208ada6dfa0899a9a1567bec5c9244bd52ba59
  specs:
    simple_navigation_renderers (1.0.2)
      simple-navigation (~> 4.0)

GIT
  remote: https://github.com/n-rodriguez/zeroclipboard-rails.git
  revision: 093981f77542c8ace2ff4e0db1fabb1d8f90dec1
  branch: update_zc
  specs:
    zeroclipboard-rails (0.1.1)
      railties (>= 3.1)

GIT
  remote: https://github.com/rails/actionform.git
  revision: b37fe4a2e2d60cc4d8aadad72d4cd86c39899838
  specs:
    actionform (0.0.1)
      rails (~> 4.1)

GEM
  remote: https://rubygems.org/
  specs:
    aasm (4.2.0)
    actionmailer (4.2.3)
      actionpack (= 4.2.3)
      actionview (= 4.2.3)
      activejob (= 4.2.3)
      mail (~> 2.5, >= 2.5.4)
      rails-dom-testing (~> 1.0, >= 1.0.5)
    actionpack (4.2.3)
      actionview (= 4.2.3)
      activesupport (= 4.2.3)
      rack (~> 1.6)
      rack-test (~> 0.6.2)
      rails-dom-testing (~> 1.0, >= 1.0.5)
      rails-html-sanitizer (~> 1.0, >= 1.0.2)
    actionview (4.2.3)
      activesupport (= 4.2.3)
      builder (~> 3.1)
      erubis (~> 2.7.0)
      rails-dom-testing (~> 1.0, >= 1.0.5)
      rails-html-sanitizer (~> 1.0, >= 1.0.2)
    activejob (4.2.3)
      activesupport (= 4.2.3)
      globalid (>= 0.3.0)
    activemodel (4.2.3)
      activesupport (= 4.2.3)
      builder (~> 3.1)
    activerecord (4.2.3)
      activemodel (= 4.2.3)
      activesupport (= 4.2.3)
      arel (~> 6.0)
    activesupport (4.2.3)
      i18n (~> 0.7)
      json (~> 1.7, >= 1.7.7)
      minitest (~> 5.1)
      thread_safe (~> 0.3, >= 0.3.4)
      tzinfo (~> 1.1)
    acts_as_list (0.7.2)
      activerecord (>= 3.0)
    addressable (2.3.8)
    arel (6.0.0)
    autoprefixer-rails (5.2.1)
      execjs
      json
    axiom-types (0.1.1)
      descendants_tracker (~> 0.0.4)
      ice_nine (~> 0.11.0)
      thread_safe (~> 0.3, >= 0.3.1)
    bcrypt (3.1.10)
    bootstrap-sass (3.3.5.1)
      autoprefixer-rails (>= 5.0.0.1)
      sass (>= 3.3.0)
    bootstrap-switch-rails (3.3.3)
    bootstrap_form (2.3.0)
    builder (3.2.2)
    capybara (2.4.4)
      mime-types (>= 1.16)
      nokogiri (>= 1.3.3)
      rack (>= 1.0.0)
      rack-test (>= 0.5.4)
      xpath (~> 2.0)
    carrierwave (0.10.0)
      activemodel (>= 3.2.0)
      activesupport (>= 3.2.0)
      json (>= 1.7)
      mime-types (>= 1.16)
    celluloid (0.16.0)
      timers (~> 4.0.0)
    chronic (0.10.2)
    ci_reporter (2.0.0)
      builder (>= 2.1.2)
    ci_reporter_rspec (1.0.0)
      ci_reporter (~> 2.0)
      rspec (>= 2.14, < 4)
    codemirror-rails (5.3)
      railties (>= 3.0, < 5)
    coercible (1.0.0)
      descendants_tracker (~> 0.0.1)
    coffee-rails (4.1.0)
      coffee-script (>= 2.2.0)
      railties (>= 4.0.0, < 5.0)
    coffee-script (2.4.1)
      coffee-script-source
      execjs
    coffee-script-source (1.9.1.1)
    connection_pool (2.2.0)
    cookiejar (0.3.2)
    crummy (1.8.0)
    daemons (1.2.3)
    database_cleaner (1.4.1)
    descendants_tracker (0.0.4)
      thread_safe (~> 0.3, >= 0.3.1)
    devise (3.5.1)
      bcrypt (~> 3.0)
      orm_adapter (~> 0.1)
      railties (>= 3.2.6, < 5)
      responders
      thread_safe (~> 0.1)
      warden (~> 1.2.3)
    diff-lcs (1.2.5)
    docile (1.1.5)
    docker-api (1.21.4)
      excon (>= 0.38.0)
      json
    easy_translate (0.5.0)
      json
      thread
      thread_safe
    em-hiredis (0.3.0)
      eventmachine (~> 1.0)
      hiredis (~> 0.5.0)
    em-http-request (1.1.2)
      addressable (>= 2.3.4)
      cookiejar
      em-socksify (>= 0.3)
      eventmachine (>= 1.0.3)
      http_parser.rb (>= 0.6.0)
    em-socksify (0.3.0)
      eventmachine (>= 1.0.0.beta.4)
    equalizer (0.0.11)
    erubis (2.7.0)
    eventmachine (1.0.7)
    excon (0.45.3)
    execjs (2.5.2)
    factory_girl (4.5.0)
      activesupport (>= 3.0.0)
    factory_girl_rails (4.5.0)
      factory_girl (~> 4.5.0)
      railties (>= 3.0.0)
    faker (1.4.3)
      i18n (~> 0.5)
    faye (1.1.1)
      cookiejar (>= 0.3.0)
      em-http-request (>= 0.3.0)
      eventmachine (>= 0.12.0)
      faye-websocket (>= 0.9.1)
      multi_json (>= 1.0.0)
      rack (>= 1.0.0)
      websocket-driver (>= 0.5.1)
    faye-redis (0.2.0)
      em-hiredis (>= 0.2.0)
      eventmachine (>= 0.12.0)
      multi_json (>= 1.0.0)
    faye-websocket (0.9.2)
      eventmachine (>= 0.12.0)
      websocket-driver (>= 0.5.1)
    figaro (1.1.1)
      thor (~> 0.14)
    flog (4.3.2)
      ruby_parser (~> 3.1, > 3.1.0)
      sexp_processor (~> 4.4)
    font-awesome-rails (4.3.0.0)
      railties (>= 3.2, < 5.0)
    globalid (0.3.5)
      activesupport (>= 4.1.0)
    google-webfonts-rails (0.0.4)
      activesupport (> 3.2.0, < 5.0)
    grape (0.12.0)
      activesupport
      builder
      hashie (>= 2.1.0)
      multi_json (>= 1.3.2)
      multi_xml (>= 0.5.2)
      rack (>= 1.3.0)
      rack-accept
      rack-mount
      virtus (>= 1.0.0)
    haml (4.0.6)
      tilt
    haml-rails (0.9.0)
      actionpack (>= 4.0.1)
      activesupport (>= 4.0.1)
      haml (>= 4.0.6, < 5.0)
      html2haml (>= 1.0.1)
      railties (>= 4.0.1)
    hashie (3.4.2)
    hashie-forbidden_attributes (0.1.1)
      hashie (>= 3.0)
    highline (1.7.2)
    hiredis (0.5.2)
    hitimes (1.2.2)
    html2haml (2.0.0)
      erubis (~> 2.7.0)
      haml (~> 4.0.0)
      nokogiri (~> 1.6.0)
      ruby_parser (~> 3.5)
    http_parser.rb (0.6.0)
    i18n (0.7.0)
    i18n-tasks (0.8.5)
      activesupport
      easy_translate (>= 0.5.0)
      erubis
      highline
      i18n
      term-ansicolor
      terminal-table (>= 1.5.1)
    ice_nine (0.11.1)
    jquery-rails (4.0.4)
      rails-dom-testing (~> 1.0)
      railties (>= 4.2.0)
      thor (>= 0.14, < 2.0)
    jquery-ui-rails (5.0.5)
      railties (>= 3.2.16)
    json (1.8.3)
    launchy (2.4.3)
      addressable (~> 2.3)
    libv8 (3.16.14.9)
    loofah (2.0.2)
      nokogiri (>= 1.5.9)
    mail (2.6.3)
      mime-types (>= 1.16, < 3)
    mime-types (2.6.1)
    mina (0.3.4)
      open4 (~> 1.3.4)
      rake
    mini_portile (0.6.2)
    minitest (5.7.0)
    multi_json (1.11.1)
    multi_xml (0.5.5)
    mysql2 (0.3.18)
    nested_form (0.3.2)
    net-ssh (2.9.2)
    nokogiri (1.6.6.2)
      mini_portile (~> 0.6.0)
    octicons-rails (2.1.1)
      railties (>= 3.2, < 5.0)
    open4 (1.3.4)
    orm_adapter (0.5.0)
    pg (0.18.2)
    puma (2.11.3)
      rack (>= 1.1, < 2.0)
    quiet_assets (1.1.0)
      railties (>= 3.1, < 5.0)
    rack (1.6.4)
    rack-accept (0.4.5)
      rack (>= 0.4)
    rack-mount (0.8.3)
      rack (>= 1.0.0)
    rack-protection (1.5.3)
      rack
    rack-test (0.6.3)
      rack (>= 1.0)
    rails (4.2.3)
      actionmailer (= 4.2.3)
      actionpack (= 4.2.3)
      actionview (= 4.2.3)
      activejob (= 4.2.3)
      activemodel (= 4.2.3)
      activerecord (= 4.2.3)
      activesupport (= 4.2.3)
      bundler (>= 1.3.0, < 2.0)
      railties (= 4.2.3)
      sprockets-rails
    rails-deprecated_sanitizer (1.0.3)
      activesupport (>= 4.2.0.alpha)
    rails-dom-testing (1.0.6)
      activesupport (>= 4.2.0.beta, < 5.0)
      nokogiri (~> 1.6.0)
      rails-deprecated_sanitizer (>= 1.0.1)
    rails-html-sanitizer (1.0.2)
      loofah (~> 2.0)
    railties (4.2.3)
      actionpack (= 4.2.3)
      activesupport (= 4.2.3)
      rake (>= 0.8.7)
      thor (>= 0.18.1, < 2.0)
    rake (10.4.2)
    rdoc (4.2.0)
    redis (3.2.1)
    redis-namespace (1.5.2)
      redis (~> 3.0, >= 3.0.4)
    ref (1.0.5)
    request_store (1.1.0)
    responders (2.1.0)
      railties (>= 4.2.0, < 5)
    rspec (3.3.0)
      rspec-core (~> 3.3.0)
      rspec-expectations (~> 3.3.0)
      rspec-mocks (~> 3.3.0)
    rspec-core (3.3.1)
      rspec-support (~> 3.3.0)
    rspec-expectations (3.3.0)
      diff-lcs (>= 1.2.0, < 2.0)
      rspec-support (~> 3.3.0)
    rspec-mocks (3.3.1)
      diff-lcs (>= 1.2.0, < 2.0)
      rspec-support (~> 3.3.0)
    rspec-rails (3.3.2)
      actionpack (>= 3.0, < 4.3)
      activesupport (>= 3.0, < 4.3)
      railties (>= 3.0, < 4.3)
      rspec-core (~> 3.3.0)
      rspec-expectations (~> 3.3.0)
      rspec-mocks (~> 3.3.0)
      rspec-support (~> 3.3.0)
    rspec-support (3.3.0)
    ruby_parser (3.7.0)
      sexp_processor (~> 4.1)
    sass (3.4.15)
    sass-rails (5.0.3)
      railties (>= 4.0.0, < 5.0)
      sass (~> 3.1)
      sprockets (>= 2.8, < 4.0)
      sprockets-rails (>= 2.0, < 4.0)
      tilt (~> 1.1)
    sdoc (0.4.1)
      json (~> 1.7, >= 1.7.7)
      rdoc (~> 4.0)
    secure_headers (2.2.1)
      user_agent_parser
    select2-rails (3.5.9.3)
      thor (~> 0.14)
    settingslogic (2.0.9)
    sexp_processor (4.6.0)
    shoulda (3.5.0)
      shoulda-context (~> 1.0, >= 1.0.1)
      shoulda-matchers (>= 1.4.1, < 3.0)
    shoulda-context (1.2.1)
    shoulda-matchers (2.8.0)
      activesupport (>= 3.0.0)
    sidekiq (3.4.1)
      celluloid (~> 0.16.0)
      connection_pool (>= 2.1.1)
      json
      redis (>= 3.0.6)
      redis-namespace (>= 1.3.1)
    simple-navigation (4.0.3)
      activesupport (>= 2.3.2)
    simplecov (0.10.0)
      docile (~> 1.1.0)
      json (~> 1.8)
      simplecov-html (~> 0.10.0)
    simplecov-html (0.10.0)
    simplecov-rcov (0.2.3)
      simplecov (>= 0.4.1)
    sinatra (1.4.6)
      rack (~> 1.4)
      rack-protection (~> 1.4)
      tilt (>= 1.3, < 3)
    slim (3.0.6)
      temple (~> 0.7.3)
      tilt (>= 1.3.3, < 2.1)
    spring (1.3.6)
    spring-commands-rspec (1.0.4)
      spring (>= 0.9.1)
    sprockets (3.2.0)
      rack (~> 1.0)
    sprockets-rails (2.3.2)
      actionpack (>= 3.0)
      activesupport (>= 3.0)
      sprockets (>= 2.8, < 4.0)
    sshkey (1.7.0)
    temple (0.7.6)
    term-ansicolor (1.3.2)
      tins (~> 1.0)
    terminal-table (1.5.1)
    therubyracer (0.12.2)
      libv8 (~> 3.16.14.0)
      ref
    thin (1.6.3)
      daemons (~> 1.0, >= 1.0.9)
      eventmachine (~> 1.0)
      rack (~> 1.0)
    thor (0.19.1)
    thread (0.2.0)
    thread_safe (0.3.5)
    tilt (1.4.1)
    timers (4.0.1)
      hitimes
    tins (1.5.4)
    turbolinks (2.5.3)
      coffee-rails
    turbulence (1.2.4)
      flog (~> 4.1)
      json (>= 1.4.6)
      launchy (>= 2.0.0)
    tzinfo (1.2.2)
      thread_safe (~> 0.1)
    uglifier (2.7.1)
      execjs (>= 0.3.0)
      json (>= 1.8.0)
    user_agent_parser (2.2.0)
    virtus (1.0.5)
      axiom-types (~> 0.1)
      coercible (~> 1.0)
      descendants_tracker (~> 0.0, >= 0.0.3)
      equalizer (~> 0.0, >= 0.0.9)
    warden (1.2.3)
      rack (>= 1.0)
    websocket-driver (0.5.4)
      websocket-extensions (>= 0.1.0)
    websocket-extensions (0.1.2)
    whenever (0.9.4)
      chronic (>= 0.6.3)
    will_paginate (3.0.7)
    will_paginate-bootstrap (1.0.1)
      will_paginate (>= 3.0.3)
    xpath (2.0.0)
      nokogiri (~> 1.3)
    yajl-ruby (1.2.1)

PLATFORMS
  ruby

DEPENDENCIES
  aasm (~> 4.2.0)
  actionform (~> 0.0.1)!
  active_use_case (~> 1.0.0)!
  acts_as_list (~> 0.7.0)
  async_model (~> 1.0.0)!
  async_notifications (~> 0.1.0)!
  autoprefixer-rails (~> 5.2.1)
  bcrypt (~> 3.1.10)
  bootstrap-growl-rails (~> 3.0.0)!
  bootstrap-sass (~> 3.3.4)
  bootstrap-switch-rails (~> 3.3.2)
  bootstrap_form (~> 2.3.0)
  capybara (~> 2.4.4)
  carrierwave (~> 0.10.0)
  ci_reporter_rspec (~> 1.0.0)
  codemirror-rails (~> 5.3.0)
  coffee-rails (~> 4.1.0)
  crummy (~> 1.8.0)
  danthes (~> 2.0.1)!
  database_cleaner (~> 1.4.1)
  devise (~> 3.5.1)
  docker-api (~> 1.21.0)
  factory_girl (~> 4.5.0)
  factory_girl_rails (~> 4.5.0)
  faker (~> 1.4.2)
  faye-redis (~> 0.2.0)
  figaro (~> 1.1.0)
  flog (~> 4.3.0)
  font-awesome-rails (~> 4.3.0)
  google-webfonts-rails (~> 0.0.4)
  grape (~> 0.12.0)
  haml-rails (~> 0.9.0)
  hashie-forbidden_attributes
  i18n-tasks (~> 0.8.0)
  jquery-rails (~> 4.0.3)
  jquery-ui-rails (~> 5.0.3)
  mina (~> 0.3.4)
  mysql2 (~> 0.3.18)
  nested_form (~> 0.3.2)
  net-ssh (~> 2.9.2)
  octicons-rails (~> 2.1.1)
  pg (~> 0.18.2)
  puma (~> 2.11.1)
  quiet_assets (~> 1.1.0)
  rails (~> 4.2.3)
  request_store (~> 1.1.0)
  rspec (~> 3.3.0)
  rspec-rails (~> 3.3.0)
  rugged (~> 0.22.2)!
  sass-rails (~> 5.0.3)
  sdoc (~> 0.4.0)
  secure_headers (~> 2.2.1)
  select2-rails (~> 3.5.9)
  settingslogic (~> 2.0.9)
  shoulda (~> 3.5.0)
  shoulda-context (~> 1.2.1)
  shoulda-matchers (~> 2.8.0)
  sidekiq (~> 3.4.1)
  simple-navigation (~> 4.0.0)
  simple_navigation_renderers (~> 1.0.2)!
  simplecov (~> 0.10.0)
  simplecov-rcov (~> 0.2.3)
  sinatra
  slim
  spring (~> 1.3.1)
  spring-commands-rspec (~> 1.0.4)
  sshkey (~> 1.7.0)
  therubyracer (~> 0.12.1)
  thin (~> 1.6.3)
  turbolinks (~> 2.5.3)
  turbulence (~> 1.2.4)
  uglifier (~> 2.7.1)
  whenever (~> 0.9.4)
  will_paginate (~> 3.0.7)
  will_paginate-bootstrap (~> 1.0.1)
  zeroclipboard-rails (~> 0.1.0)!
